GIT
  remote: git://github.com/glebtv/mongoid_nested_set.git
  revision: ab5a4b2c709642c2346dabbd2aa14e57ecf622fb
  specs:
    mongoid_nested_set (0.1.3)
      mongoid (>= 2.1.0)

GEM
  remote: http://rubygems.org/
  specs:
    activemodel (3.2.5)
      activesupport (= 3.2.5)
      builder (~> 3.0.0)
    activesupport (3.2.5)
      i18n (~> 0.6)
      multi_json (~> 1.0)
    bson (1.6.4)
    bson_ext (1.6.4)
      bson (~> 1.6.4)
    builder (3.0.0)
    domain_name (0.5.3)
      unf (~> 0.0.3)
    hirb (0.6.2)
    htmlentities (4.3.1)
    i18n (0.6.0)
    json (1.7.3)
    mechanize (2.5.1)
      domain_name (~> 0.5, >= 0.5.1)
      mime-types (~> 1.17, >= 1.17.2)
      net-http-digest_auth (~> 1.1, >= 1.1.1)
      net-http-persistent (~> 2.5, >= 2.5.2)
      nokogiri (~> 1.4)
      ntlm-http (~> 0.1, >= 0.1.1)
      webrobots (~> 0.0, >= 0.0.9)
    mime-types (1.18)
    money (5.0.0)
      i18n (~> 0.4)
      json
    mongo (1.6.2)
      bson (~> 1.6.2)
    mongoid (2.4.11)
      activemodel (~> 3.1)
      mongo (<= 1.6.2)
      tzinfo (~> 0.3.22)
    mongoid_money_field (1.0.1)
      money
      mongoid
    mongoid_slug (0.10.0)
      mongoid (~> 2.0)
      stringex (~> 1.3)
    multi_json (1.3.6)
    net-http-digest_auth (1.2.1)
    net-http-persistent (2.7)
    nokogiri (1.5.3)
    ntlm-http (0.1.1)
    stringex (1.3.3)
    tzinfo (0.3.33)
    unf (0.0.5)
      unf_ext
    unf_ext (0.0.5)
    unicode_utils (1.3.0)
    webrobots (0.0.13)

PLATFORMS
  ruby

DEPENDENCIES
  activesupport
  bson_ext
  hirb
  htmlentities
  mechanize
  money
  mongoid (>= 2.4.10)
  mongoid_money_field
  mongoid_nested_set!
  mongoid_slug
  nokogiri
  stringex (~> 1.3.2)
  unicode_utils
